GEM
  specs:
    bson (1.6.2)
    bson_ext (1.6.2)
      bson (~> 1.6.2)
    json (1.6.6)
    mongo (1.6.2)
      bson (~> 1.6.2)
    nokogiri (1.5.2)

PLATFORMS
  ruby

DEPENDENCIES
  bson_ext
  json
  mongo
  nokogiri
